GEM
  remote: http://rubygems.org/
  specs:
    barista (1.0.0)
      coffee-script (~> 2.1.1)
    closure-compiler (0.3.3)
    coffee-script (2.1.1)
      coffee-script-source
    coffee-script-source (1.0.0)
    compass (0.10.6)
      haml (>= 3.0.4)
    haml (3.0.25)
    jammit (0.5.4)
      closure-compiler (>= 0.1.0)
      yui-compressor (>= 0.9.1)
    open4 (0.9.6)
    rake (0.8.7)
    rake-remote_task (2.0.2)
      open4 (~> 0.9.0)
      rake (~> 0.8.0)
    vlad (2.1.0)
      open4 (~> 0.9.0)
      rake (~> 0.8.0)
      rake-remote_task (~> 2.0)
    vlad-git (2.2.0)
      vlad (>= 2.1.0)
    yui-compressor (0.9.1)

PLATFORMS
  ruby

DEPENDENCIES
  barista
  compass
  jammit
  vlad
  vlad-git
